GEM
  remote: https://rubygems.org/
  specs:
    coderay (1.1.2)
    date (3.0.0)
    json (2.3.0)
    method_source (0.9.2)
    minitest (5.14.0)
    pry (0.12.2)
      coderay (~> 1.1.0)
      method_source (~> 0.9.0)

PLATFORMS
  ruby

DEPENDENCIES
  date (~> 3.0)
  json (~> 2.3)
  minitest (~> 5.14)
  pry (~> 0.12.2)

BUNDLED WITH
   1.17.3
